GEM
  remote: https://rubygems.org/
  specs:
    advent_of_code_cli (0.1.3)
      thor (>= 1.2.0)
    coderay (1.1.3)
    method_source (1.0.0)
    minitest (5.16.3)
    pry (0.14.1)
      coderay (~> 1.1)
      method_source (~> 1.0)
    thor (1.2.1)

PLATFORMS
  x86_64-darwin-21

DEPENDENCIES
  advent_of_code_cli
  minitest
  pry

BUNDLED WITH
   2.3.26
